PATH
  remote: .
  specs:
    http_pack (0.1.0)
      redis (~> 3.2)
      redis-namespace
      ruby_deep_clone (~> 0.7.2)

GEM
  remote: https://rubygems.org/
  specs:
    diff-lcs (1.2.5)
    rake (10.5.0)
    redis (3.3.2)
    redis-namespace (1.5.2)
      redis (~> 3.0, >= 3.0.4)
    rspec (3.5.0)
      rspec-core (~> 3.5.0)
      rspec-expectations (~> 3.5.0)
      rspec-mocks (~> 3.5.0)
    rspec-core (3.5.4)
      rspec-support (~> 3.5.0)
    rspec-expectations (3.5.0)
      diff-lcs (>= 1.2.0, < 2.0)
      rspec-support (~> 3.5.0)
    rspec-mocks (3.5.0)
      diff-lcs (>= 1.2.0, < 2.0)
      rspec-support (~> 3.5.0)
    rspec-support (3.5.0)
    ruby_deep_clone (0.7.2)

PLATFORMS
  ruby

DEPENDENCIES
  bundler (~> 1.12)
  http_pack!
  rake (~> 10.0)
  rspec (~> 3.0)

BUNDLED WITH
   1.12.5
